GEM
  remote: https://rubygems.org/
  specs:
    mustache (1.1.0)

PLATFORMS
  ruby

DEPENDENCIES
  mustache

BUNDLED WITH
   1.16.0
